GEM
  remote: http://rubygems.org/
  specs:
    diff-lcs (1.1.3)
    distance_measures (0.0.6)
    ffi (1.0.11)
    ffi-rzmq (0.9.3)
      ffi
    gsl (1.14.7)
      narray (>= 0.5.9)
    hoe (3.0.6)
      rake (~> 0.8)
    k_means (0.0.7)
      distance_measures (>= 0.0.0)
    narray (0.6.0.1)
    ntp (1.0.0)
      hoe (>= 1.2.0)
    opengl (0.7.0.pre1)
    psych (1.3.2)
    rake (0.9.2.2)
    rmagick (2.13.1)
    rspec (2.10.0)
      rspec-core (~> 2.10.0)
      rspec-expectations (~> 2.10.0)
      rspec-mocks (~> 2.10.0)
    rspec-core (2.10.1)
    rspec-expectations (2.10.0)
      diff-lcs (~> 1.1.3)
    rspec-mocks (2.10.1)
    ruby-filemagic (0.4.2)
    ruby-prof (0.11.2)
    rubysdl (2.1.2)
    zmq (2.1.4)

PLATFORMS
  ruby

DEPENDENCIES
  ffi-rzmq
  gsl
  k_means
  narray
  ntp
  opengl
  psych
  rake
  rmagick
  rspec
  ruby-filemagic
  ruby-prof
  rubysdl
  zmq
