GEM
  remote: http://rubygems.org/
  specs:
    diff-lcs (1.1.3)
    hoe (3.0.6)
      rake (~> 0.8)
    ntp (1.0.0)
      hoe (>= 1.2.0)
    rake (0.9.2.2)
    rmagick (2.13.1)
    rspec (2.10.0)
      rspec-core (~> 2.10.0)
      rspec-expectations (~> 2.10.0)
      rspec-mocks (~> 2.10.0)
    rspec-core (2.10.1)
    rspec-expectations (2.10.0)
      diff-lcs (~> 1.1.3)
    rspec-mocks (2.10.1)
    ruby-filemagic (0.4.2)

PLATFORMS
  ruby

DEPENDENCIES
  ntp
  rake
  rmagick
  rspec
  ruby-filemagic
